GEM
  remote: https://rubygems.org/
  specs:
    Ascii85 (1.0.3)
    addressable (2.5.2)
      public_suffix (>= 2.0.2, < 4.0)
    afm (0.2.2)
    asciidoctor (1.5.7)
    asciidoctor-bibtex (0.3.1)
      bibtex-ruby (~> 4)
      citeproc-ruby (~> 1)
      csl-styles (~> 1)
      latex-decode (~> 0.2)
    asciidoctor-pdf (1.5.0.alpha.16)
      asciidoctor (>= 1.5.0)
      prawn (>= 1.3.0, < 2.3.0)
      prawn-icon (= 1.3.0)
      prawn-svg (>= 0.21.0, < 0.28.0)
      prawn-table (= 0.2.2)
      prawn-templates (>= 0.0.3, <= 0.1.1)
      safe_yaml (~> 1.0.4)
      thread_safe (~> 0.3.6)
      treetop (= 1.5.3)
    bibtex-ruby (4.4.6)
      latex-decode (~> 0.0)
    citeproc (1.0.9)
      namae (~> 1.0)
    citeproc-ruby (1.1.10)
      citeproc (~> 1.0, >= 1.0.9)
      csl (~> 1.5)
    coderay (1.1.2)
    csl (1.5.0)
      namae (~> 1.0)
    csl-styles (1.0.1.8)
      csl (~> 1.0)
    css_parser (1.6.0)
      addressable
    hashery (2.1.2)
    latex-decode (0.3.1)
    namae (1.0.1)
    pdf-core (0.7.0)
    pdf-reader (2.1.0)
      Ascii85 (~> 1.0.0)
      afm (~> 0.2.1)
      hashery (~> 2.0)
      ruby-rc4
      ttfunk
    polyglot (0.3.5)
    prawn (2.2.2)
      pdf-core (~> 0.7.0)
      ttfunk (~> 1.5)
    prawn-icon (1.3.0)
      prawn (>= 1.1.0, < 3.0.0)
    prawn-svg (0.27.1)
      css_parser (~> 1.3)
      prawn (>= 0.11.1, < 3)
    prawn-table (0.2.2)
      prawn (>= 1.3.0, < 3.0.0)
    prawn-templates (0.1.1)
      pdf-reader (~> 2.0)
      prawn (~> 2.2)
    public_suffix (3.0.2)
    ruby-rc4 (0.1.5)
    safe_yaml (1.0.4)
    thread_safe (0.3.6)
    treetop (1.5.3)
      polyglot (~> 0.3)
    ttfunk (1.5.1)
    unicode_utils (1.4.0)

PLATFORMS
  x86-mingw32

DEPENDENCIES
  asciidoctor
  asciidoctor-bibtex
  asciidoctor-pdf
  coderay
  unicode_utils (~> 1.4)

BUNDLED WITH
   1.16.1
